GEM
  remote: https://rubygems.org/
  specs:
    activesupport (4.0.13)
      i18n (~> 0.6, >= 0.6.9)
      minitest (~> 4.2)
      multi_json (~> 1.3)
      thread_safe (~> 0.1)
      tzinfo (~> 0.3.37)
    business_time (0.6.2)
      activesupport (>= 3.1.0)
      tzinfo (~> 0.3.31)
    byebug (9.0.6)
    dotenv (2.2.1)
    httpclient (2.8.3)
    i18n (0.8.6)
    little-plugger (1.1.4)
    logging (2.2.2)
      little-plugger (~> 1.1)
      multi_json (~> 1.10)
    mini_portile2 (2.2.0)
    minitest (4.7.5)
    multi_json (1.12.2)
    nokogiri (1.8.0)
      mini_portile2 (~> 2.2.0)
    rubyntlm (0.6.2)
    thread_safe (0.3.6)
    tzinfo (0.3.53)
    viewpoint (1.1.0)
      httpclient
      logging
      nokogiri
      rubyntlm

PLATFORMS
  ruby

DEPENDENCIES
  business_time (~> 0.6.2)
  byebug
  dotenv
  viewpoint

BUNDLED WITH
   1.14.6
